GEM
  specs:

PLATFORMS
  aarch64-linux
  ruby

DEPENDENCIES

BUNDLED WITH
   2.5.20
